GEM
  remote: https://rubygems.org/
  specs:
    activemodel (6.0.3.2)
      activesupport (= 6.0.3.2)
    activesupport (6.0.3.2)
      concurrent-ruby (~> 1.0, >= 1.0.2)
      i18n (>= 0.7, < 2)
      minitest (~> 5.1)
      tzinfo (~> 1.1)
      zeitwerk (~> 2.2, >= 2.2.2)
    addressable (2.7.0)
      public_suffix (>= 2.0.2, < 5.0)
    aes_key_wrap (1.1.0)
    attr_required (1.0.1)
    babosa (1.0.3)
    bindata (2.4.8)
    builder (3.2.4)
    coderay (1.1.3)
    concurrent-ruby (1.1.6)
    connection_pool (2.2.3)
    domain_name (0.5.20190701)
      unf (>= 0.0.5, < 1.0.0)
    dotenv (2.7.6)
    faraday (0.17.3)
      multipart-post (>= 1.2, < 3)
    faraday_middleware (0.14.0)
      faraday (>= 0.7.4, < 1.0)
    ffi (1.13.1)
    ffi-compiler (1.0.1)
      ffi (>= 1.0.0)
      rake
    http (4.4.1)
      addressable (~> 2.3)
      http-cookie (~> 1.0)
      http-form_data (~> 2.2)
      http-parser (~> 1.2.0)
    http-cookie (1.0.3)
      domain_name (~> 0.5)
    http-form_data (2.3.0)
    http-parser (1.2.1)
      ffi-compiler (>= 1.0, < 2.0)
    httpclient (2.8.3)
    i18n (1.8.5)
      concurrent-ruby (~> 1.0)
    ims-lti (2.3.0)
      addressable (~> 2.5, >= 2.5.1)
      builder (~> 3.2)
      faraday (~> 0.8)
      faraday_middleware (~> 0.8)
      json-jwt (~> 1.7)
      simple_oauth (~> 0.3.1)
    json-jwt (1.13.0)
      activesupport (>= 4.2)
      aes_key_wrap
      bindata
    listen (3.2.1)
      rb-fsevent (~> 0.10, >= 0.10.3)
      rb-inotify (~> 0.9, >= 0.9.10)
    mail (2.7.1)
      mini_mime (>= 0.1.1)
    message_bus (3.3.1)
      rack (>= 1.1.3)
    method_source (1.0.0)
    mini_mime (1.0.2)
    minitest (5.14.1)
    multipart-post (2.1.1)
    nio4r (2.5.2)
    openid_connect (1.2.0)
      activemodel
      attr_required (>= 1.0.0)
      json-jwt (>= 1.5.0)
      rack-oauth2 (>= 1.6.1)
      swd (>= 1.0.0)
      tzinfo
      validate_email
      validate_url
      webfinger (>= 1.0.1)
    pry (0.13.1)
      coderay (~> 1.1)
      method_source (~> 1.0)
    public_suffix (4.0.5)
    puma (4.3.5)
      nio4r (~> 2.0)
    rack (2.2.3)
    rack-oauth2 (1.16.0)
      activesupport
      attr_required
      httpclient
      json-jwt (>= 1.11.0)
      rack (>= 2.1.0)
    rake (13.0.1)
    rb-fsevent (0.10.4)
    rb-inotify (0.10.1)
      ffi (~> 1.0)
    rerun (0.13.0)
      listen (~> 3.0)
    roda (3.34.0)
      rack
    seconds (0.3)
    simple_oauth (0.3.1)
    slim (4.1.0)
      temple (>= 0.7.6, < 0.9)
      tilt (>= 2.0.6, < 2.1)
    swd (1.2.0)
      activesupport (>= 3)
      attr_required (>= 0.0.5)
      httpclient (>= 2.4)
    temple (0.8.2)
    thread_safe (0.3.6)
    tilt (2.0.10)
    tzinfo (1.2.7)
      thread_safe (~> 0.1)
    unf (0.1.4)
      unf_ext
    unf_ext (0.0.7.7)
    validate_email (0.1.6)
      activemodel (>= 3.0)
      mail (>= 2.2.5)
    validate_url (1.0.11)
      activemodel (>= 3.0.0)
      public_suffix
    webfinger (1.1.0)
      activesupport
      httpclient (>= 2.4)
    zeitwerk (2.4.0)

PLATFORMS
  ruby

DEPENDENCIES
  babosa
  concurrent-ruby
  connection_pool
  dotenv
  http
  ims-lti
  message_bus
  openid_connect
  pry
  puma
  rerun
  roda
  seconds
  slim

RUBY VERSION
   ruby 2.7.0p0

BUNDLED WITH
   2.1.4
